PATH
  remote: .
  specs:
    s3_meta_sync (0.3.5)
      aws-sdk
      curb

GEM
  remote: https://rubygems.org/
  specs:
    aws-sdk (1.38.0)
      json (~> 1.4)
      nokogiri (>= 1.4.4)
      uuidtools (~> 2.1)
    bump (0.3.9)
    byebug (2.6.0)
      columnize (~> 0.3)
      debugger-linecache (~> 1.2)
    columnize (0.3.6)
    curb (0.8.5)
    debugger-linecache (1.2.0)
    diff-lcs (1.1.3)
    json (1.8.1)
    mini_portile (0.5.3)
    nokogiri (1.6.1)
      mini_portile (~> 0.5.0)
    rake (10.0.3)
    rspec (2.12.0)
      rspec-core (~> 2.12.0)
      rspec-expectations (~> 2.12.0)
      rspec-mocks (~> 2.12.0)
    rspec-core (2.12.2)
    rspec-expectations (2.12.1)
      diff-lcs (~> 1.1.3)
    rspec-mocks (2.12.2)
    uuidtools (2.1.4)

PLATFORMS
  ruby

DEPENDENCIES
  bump
  byebug
  rake
  rspec (~> 2)
  s3_meta_sync!
